GIT
  remote: git@github.com:/forforf/burp.git
  revision: 4cc35e01ff78687d0e868fe852d7e5aee49cff35
  branch: dev
  specs:
    burp (0.1.1)

GIT
  remote: git@github.com:/forforf/jsivt_grapher.git
  revision: 512262adc0659ff321117bfb9aa23531b428a930
  branch: dev
  specs:
    jsivt_grapher (0.1.0)
      json (~> 1.5.1)

GIT
  remote: git@github.com:/forforf/kinkit.git
  revision: 22bf4d07011db9687f1a30df4a06b9e4cbd819f6
  branch: dev
  specs:
    kinkit (0.1.1)
      rgl (~> 0.4.0)

GIT
  remote: git@github.com:/forforf/tinkit.git
  revision: 8e3413cd30b59eff78cb5eb5fa802278821e3bd9
  branch: dev
  specs:
    tinkit (0.0.6)
      couchrest (~> 1.0.2)
      couchrest_extended_document (~> 1.0.0)
      log4r (~> 1.1.9)
      mime-types (~> 1.16)
      rest-client (~> 1.6.1)
      xml-simple (~> 1.0.13)

PATH
  remote: .
  specs:
    joha_model (0.0.1)

GEM
  remote: http://rubygems.org/
  specs:
    activesupport (3.0.9)
    builder (3.0.0)
    couchrest (1.0.2)
      json (~> 1.5.1)
      mime-types (~> 1.15)
      rest-client (~> 1.6.1)
    couchrest_extended_document (1.0.0)
      activesupport (>= 2.3.0)
      builder (>= 2.1.2)
      couchrest (>= 1.0.0)
      mime-types (>= 1.15)
    diff-lcs (1.1.2)
    git (1.2.5)
    i18n (0.5.0)
    jeweler (1.5.2)
      bundler (~> 1.0.0)
      git (>= 1.2.5)
      rake
    json (1.5.3)
    log4r (1.1.9)
    mime-types (1.16)
    rake (0.9.2)
    rcov (0.9.9)
    rest-client (1.6.3)
      mime-types (>= 1.16)
    rgl (0.4.0)
      rake
      stream (>= 0.5)
    rspec (2.3.0)
      rspec-core (~> 2.3.0)
      rspec-expectations (~> 2.3.0)
      rspec-mocks (~> 2.3.0)
    rspec-core (2.3.1)
    rspec-expectations (2.3.0)
      diff-lcs (~> 1.1.2)
    rspec-mocks (2.3.0)
    stream (0.5)
    xml-simple (1.0.13)

PLATFORMS
  ruby

DEPENDENCIES
  bundler (~> 1.0.0)
  burp!
  i18n
  jeweler (~> 1.5.2)
  joha_model!
  jsivt_grapher!
  kinkit!
  rcov
  rspec (~> 2.3.0)
  tinkit!
  xml-simple
